GEM
  remote: http://rubygems.org/
  specs:
    childprocess (0.3.6)
      ffi (~> 1.0, >= 1.0.6)
    coderay (1.0.8)
    ffi (1.1.5)
    guard (1.5.4)
      listen (>= 0.4.2)
      lumberjack (>= 1.0.2)
      pry (>= 0.9.10)
      thor (>= 0.14.6)
    guard-minitest (0.5.0)
      guard (>= 0.4)
    guard-spork (1.2.3)
      childprocess (>= 0.2.3)
      guard (>= 1.1)
      spork (>= 0.8.4)
      sys-proctable
    listen (0.5.3)
    lumberjack (1.0.2)
    method_source (0.8.1)
    minitest (4.2.0)
    pry (0.9.10)
      coderay (~> 1.0.5)
      method_source (~> 0.8)
      slop (~> 3.3.1)
    rake (0.9.2.2)
    rb-fsevent (0.9.2)
    rb-inotify (0.8.8)
      ffi (>= 0.5.0)
    slop (3.3.3)
    spork (0.9.2)
    spork-minitest (0.0.3)
      spork
    sys-proctable (0.9.2)
    thor (0.16.0)

PLATFORMS
  ruby

DEPENDENCIES
  guard
  guard-minitest
  guard-spork
  minitest
  rake
  rb-fsevent
  rb-inotify
  spork-minitest
