GIT
  remote: git://github.com/rking/guard-minitest.git
  revision: 06e7c27602b92c51d9fd85b11ed7e6e7f17e3015
  specs:
    guard-minitest (1.0.0.beta1)
      guard (~> 1.1)

GIT
  remote: git://github.com/rking/spork-minitest.git
  revision: 65402fc132367c91248e7be7b0cf1cfc8c5767c0
  specs:
    spork-minitest (1.0.0.beta1)
      spork

GEM
  remote: http://rubygems.org/
  specs:
    ansi (1.4.3)
    awesome_print (1.1.0)
    binding_of_caller (0.6.8)
    bond (0.4.2)
    childprocess (0.3.6)
      ffi (~> 1.0, >= 1.0.6)
    coderay (1.0.8)
    columnize (0.3.6)
    debugger (1.1.4)
      columnize (>= 0.3.1)
      debugger-linecache (~> 1.1.1)
      debugger-ruby_core_source (~> 1.1.3)
    debugger-linecache (1.1.2)
      debugger-ruby_core_source (>= 1.1.1)
    debugger-ruby_core_source (1.1.5)
    diff-lcs (1.1.3)
    diffy (2.1.0)
    eventmachine (1.0.0)
    ffi (1.2.0)
    grit (2.5.0)
      diff-lcs (~> 1.1)
      mime-types (~> 1.15)
      posix-spawn (~> 0.3.6)
    guard (1.5.4)
      listen (>= 0.4.2)
      lumberjack (>= 1.0.2)
      pry (>= 0.9.10)
      thor (>= 0.14.6)
    guard-bundler (1.0.0)
      bundler (~> 1.0)
      guard (~> 1.1)
    guard-spork (1.4.0)
      childprocess (>= 0.2.3)
      guard (>= 1.1)
      spork (>= 0.8.4)
    highline (1.6.15)
    interception (0.3)
    jist (1.2.0)
      json
    json (1.7.5)
    listen (0.6.0)
    lumberjack (1.0.2)
    method_source (0.8.1)
    mime-types (1.19)
    minitest (4.3.2)
    nokogiri (1.5.5)
    posix-spawn (0.3.6)
    pry (0.9.10)
      coderay (~> 1.0.5)
      method_source (~> 0.8)
      slop (~> 3.3.1)
    pry-awesome_print (9.6.5)
      awesome_print (~> 1.1.0)
    pry-de (0.1.0)
      guard
      pry-full
    pry-debugger (0.2.0)
      debugger (~> 1.1.3)
      pry (~> 0.9.9)
    pry-developer_tools (0.1.1)
      pry (>= 0.9.8.pre, < 0.11)
    pry-doc (0.4.4)
      pry (>= 0.9.9.6)
      yard (~> 0.8.1)
    pry-docmore (0.0.2)
      pry
      pry-doc
    pry-editline (1.1.1)
    pry-exception_explorer (0.1.9)
      pry-stack_explorer (>= 0.3.9)
    pry-full (1.0)
      bond
      jist
      pry-awesome_print
      pry-debugger
      pry-developer_tools
      pry-doc
      pry-docmore
      pry-editline
      pry-exception_explorer (= 0.1.9)
      pry-git
      pry-highlight
      pry-pretty-numeric
      pry-remote-em
      pry-rescue
      pry-stack_explorer
      pry-syntax-hacks
      pry-theme
    pry-git (0.2.3)
      diffy
      grit
      pry (>= 0.9.8)
    pry-highlight (0.0.1)
      coderay
      json
      nokogiri
      pry
    pry-pretty-numeric (0.1.1)
      pry
    pry-remote-em (0.7.3)
      eventmachine
      highline
      pry (~> 0.9)
    pry-rescue (0.13)
      interception (>= 0.3)
      pry
    pry-stack_explorer (0.4.7)
      binding_of_caller (~> 0.6.8)
    pry-syntax-hacks (0.0.6)
      pry (>= 0.9.8)
    pry-theme (0.1.3)
      json
    rake (10.0.2)
    rb-fsevent (0.9.2)
    rb-inotify (0.8.8)
      ffi (>= 0.5.0)
    slop (3.3.3)
    spork (0.9.2)
    thor (0.16.0)
    turn (0.9.6)
      ansi
    yard (0.8.3)

PLATFORMS
  ruby

DEPENDENCIES
  guard
  guard-bundler
  guard-minitest!
  guard-spork
  minitest
  pry-de
  rake
  rb-fsevent
  rb-inotify
  spork-minitest!
  turn
