GEM
  remote: http://rubygems.org/
  specs:
    minitest (3.5.0)
    rake (0.9.2.2)
    spork (0.9.2)
    spork-testunit (0.0.8)
      spork (>= 0.6.0)

PLATFORMS
  ruby

DEPENDENCIES
  minitest
  rake
  spork-testunit
