GIT
  remote: git://github.com/guard/guard.git
  revision: bede3e2fb7ddcad6a77b53ce3990f47e8eb6e123
  specs:
    guard (1.5.3)
      listen (>= 0.4.2)
      lumberjack (>= 1.0.2)
      pry (>= 0.9.10)
      thor (>= 0.14.6)

GIT
  remote: git://github.com/pry/pry.git
  revision: 5e59fec82d6a6f4082607bd07411a71dbb33ead9
  branch: feature/save-source
  specs:
    pry (0.9.10)
      coderay (~> 1.0.5)
      method_source (~> 0.8)
      slop (~> 3.3.1)

GEM
  remote: http://rubygems.org/
  specs:
    ansi (1.4.3)
    awesome_print (1.1.0)
    binding_of_caller (0.6.8)
    bond (0.4.2)
    childprocess (0.3.6)
      ffi (~> 1.0, >= 1.0.6)
    coderay (1.0.8)
    columnize (0.3.6)
    debugger (1.1.4)
      columnize (>= 0.3.1)
      debugger-linecache (~> 1.1.1)
      debugger-ruby_core_source (~> 1.1.3)
    debugger-linecache (1.1.2)
      debugger-ruby_core_source (>= 1.1.1)
    debugger-ruby_core_source (1.1.4)
    diff-lcs (1.1.3)
    diffy (2.0.8)
    eventmachine (1.0.0)
    ffi (1.1.5)
    grit (2.5.0)
      diff-lcs (~> 1.1)
      mime-types (~> 1.15)
      posix-spawn (~> 0.3.6)
    guard-minitest (0.5.0)
      guard (>= 0.4)
    guard-spork (1.2.3)
      childprocess (>= 0.2.3)
      guard (>= 1.1)
      spork (>= 0.8.4)
      sys-proctable
    highline (1.6.15)
    interception (0.3)
    jist (1.1.0)
      json
    json (1.7.5)
    listen (0.5.3)
    lumberjack (1.0.2)
    method_source (0.8.1)
    mime-types (1.19)
    minitest (3.5.0)
    nokogiri (1.5.5)
    plymouth (0.3.3)
      pry-exception_explorer (~> 0.1.7)
    posix-spawn (0.3.6)
    pry-awesome_print (9.6.5)
      awesome_print (~> 1.1.0)
    pry-de (0.0.4)
      guard
      pry-full
    pry-debugger (0.2.0)
      debugger (~> 1.1.3)
      pry (~> 0.9.9)
    pry-developer_tools (0.1.1)
      pry (>= 0.9.8.pre, < 0.11)
    pry-doc (0.4.4)
      pry (>= 0.9.9.6)
      yard (~> 0.8.1)
    pry-editline (1.1.1)
    pry-exception_explorer (0.1.9)
      pry-stack_explorer (>= 0.3.9)
    pry-full (0.6)
      bond
      jist
      plymouth
      pry-awesome_print
      pry-debugger
      pry-developer_tools
      pry-doc
      pry-editline
      pry-exception_explorer
      pry-git
      pry-highlight
      pry-pretty-numeric
      pry-remote-em
      pry-rescue
      pry-stack_explorer
      pry-syntax-hacks
      pry-theme
    pry-git (0.2.3)
      diffy
      grit
      pry (>= 0.9.8)
    pry-highlight (0.0.1)
      coderay
      json
      nokogiri
      pry
    pry-pretty-numeric (0.1.1)
      pry
    pry-remote-em (0.7.3)
      eventmachine
      highline
      pry (~> 0.9)
    pry-rescue (0.13.pre.2)
      interception (>= 0.3)
      pry
    pry-stack_explorer (0.4.7)
      binding_of_caller (~> 0.6.8)
    pry-syntax-hacks (0.0.6)
      pry (>= 0.9.8)
    pry-theme (0.1.3)
      json
    rake (0.9.2.2)
    rb-fsevent (0.9.2)
    rb-inotify (0.8.8)
      ffi (>= 0.5.0)
    slop (3.3.3)
    spork (0.9.2)
    spork-minitest (0.0.3)
      spork
    sys-proctable (0.9.2)
    thor (0.16.0)
    turn (0.9.6)
      ansi
    yard (0.8.3)

PLATFORMS
  ruby

DEPENDENCIES
  guard!
  guard-minitest
  guard-spork
  minitest
  pry!
  pry-de
  pry-rescue (>= 0.13.pre.2)
  rake
  rb-fsevent
  rb-inotify
  spork-minitest
  turn
